GEM
  remote: https://rubygems.org/
  specs:
    phashion (1.1.1)
    rmagick (2.13.3)

PLATFORMS
  ruby

DEPENDENCIES
  phashion
  rmagick
