GEM
  remote: https://rubygems.org/
  specs:
    phashion (1.1.1)
    rmagick (2.13.3)
    ruby-progressbar (1.5.1)

PLATFORMS
  ruby

DEPENDENCIES
  phashion
  rmagick
  ruby-progressbar
